GEM
  remote: http://rubygems.org/
  specs:
    rack (1.2.3)
    sinatra (1.2.6)
      rack (~> 1.1)
      tilt (< 2.0, >= 1.2.2)
    slim (0.9.4)
      temple (~> 0.3.0)
      tilt (~> 1.2)
    temple (0.3.2)
    tilt (1.3.2)

PLATFORMS
  ruby

DEPENDENCIES
  sinatra
  slim
